GEM
  remote: https://rubygems.org/
  specs:
    activemodel (5.0.0)
      activesupport (= 5.0.0)
    activerecord (5.0.0)
      activemodel (= 5.0.0)
      activesupport (= 5.0.0)
      arel (~> 7.0)
    activesupport (5.0.0)
      concurrent-ruby (~> 1.0, >= 1.0.2)
      i18n (~> 0.7)
      minitest (~> 5.1)
      tzinfo (~> 1.1)
    arel (7.0.0)
    concurrent-ruby (1.0.2)
    eventmachine (1.2.0.1)
    haml (4.0.7)
      tilt
    i18n (0.7.0)
    json (2.0.1)
    minitest (5.9.0)
    mysql2 (0.4.4)
    net-ping (1.7.8)
    parallel (1.9.0)
    rack (1.6.4)
    rack-protection (1.5.3)
      rack
    sinatra (1.4.7)
      rack (~> 1.5)
      rack-protection (~> 1.4)
      tilt (>= 1.3, < 3)
    thread_safe (0.3.5)
    tilt (2.0.5)
    tzinfo (1.2.2)
      thread_safe (~> 0.1)

PLATFORMS
  ruby

DEPENDENCIES
  activerecord
  eventmachine
  haml
  json
  mysql2
  net-ping
  parallel
  sinatra

BUNDLED WITH
   1.12.5
